GIT
  remote: https://github.com/increments/ruboty-response.git
  revision: 2255896972ddc9e1e549333b74e9a5724a7decdf
  specs:
    ruboty-response (1.1.1)
      ruboty

GIT
  remote: https://github.com/june29/ruboty-irasutoya.git
  revision: 1f38273cc7d8f3315ef07221b1f761bbc1393575
  specs:
    ruboty-irasutoya (1.0.2)
      ruboty

GEM
  remote: https://rubygems.org/
  specs:
    activesupport (6.1.6.1)
      concurrent-ruby (~> 1.0, >= 1.0.2)
      i18n (>= 1.6, < 2)
      minitest (>= 5.1)
      tzinfo (~> 2.0)
      zeitwerk (~> 2.3)
    addressable (2.5.2)
      public_suffix (>= 2.0.2, < 4.0)
    chrono (0.4.0)
      activesupport
    concurrent-ruby (1.1.10)
    dotenv (2.8.1)
    elo_rating (1.0.0)
    event_emitter (0.2.6)
    eventmachine (1.2.7)
    faraday (0.17.3)
      multipart-post (>= 1.2, < 3)
    faraday_middleware (0.10.1)
      faraday (>= 0.7.4, < 1.0)
    faye-websocket (0.10.9)
      eventmachine (>= 0.12.0)
      websocket-driver (>= 0.5.1)
    holiday_japan (1.4.4)
    httparty (0.20.0)
      mime-types (~> 3.0)
      multi_xml (>= 0.5.2)
    i18n (1.12.0)
      concurrent-ruby (~> 1.0)
    increments-schedule (0.18.0)
      holiday_japan (~> 1.1)
    mem (0.1.5)
    mime-types (3.1)
      mime-types-data (~> 3.2015)
    mime-types-data (3.2016.0521)
    minitest (5.16.3)
    multi_json (1.14.1)
    multi_xml (0.6.0)
    multipart-post (2.1.1)
    octokit (4.8.0)
      sawyer (~> 0.8.0, >= 0.5.3)
    public_suffix (3.0.1)
    qiita (1.3.5)
      activesupport
      faraday (~> 0.9)
      faraday_middleware
      rack
      rainbow
      rouge
      slop (< 4.0.0)
    rack (3.0.7)
    rainbow (3.1.1)
    rake (12.3.3)
    redis (4.0.1)
    redis-namespace (1.6.0)
      redis (>= 3.0.4)
    rouge (4.1.0)
    ruboty (1.3.1)
      activesupport
      bundler
      dotenv
      mem
      slop
    ruboty-alias (0.0.8)
      ruboty (>= 1.1.1)
    ruboty-bundler (0.1.3)
      ruboty (>= 1.2.1)
      ruboty-github
    ruboty-cron (1.1.0)
      activesupport
      chrono
      ruboty (>= 0.2.0)
    ruboty-echo (0.1.0)
      ruboty
    ruboty-github (0.3.0)
      activesupport
      octokit
      ruboty
    ruboty-openai_chat (0.3.1)
      ruboty
      ruby-openai (~> 3.5)
    ruboty-qiita-github (0.3.2)
      activesupport
      octokit
      ruboty
    ruboty-rating (0.1.1)
      elo_rating (~> 1.0)
    ruboty-redis (0.0.6)
      redis
      redis-namespace
      ruboty
    ruboty-replace (0.0.1)
      ruboty
    ruboty-ruby (0.0.2)
      ruboty
    ruboty-ruby_persistence (0.2.0)
      ruboty (~> 1.0)
    ruboty-scorekeeper (0.0.3)
      ruboty
    ruboty-slack_rtm (3.2.5)
      faraday (~> 0.11)
      ruboty (>= 1.1.4)
      slack-api (~> 1.6)
      websocket-client-simple (>= 0.5.0)
    ruboty-sushiyuki (0.0.2)
    ruby-openai (3.5.0)
      httparty (>= 0.18.1)
    sawyer (0.8.1)
      addressable (>= 2.3.5, < 2.6)
      faraday (~> 0.8, < 1.0)
    slack-api (1.6.1)
      faraday (~> 0.11)
      faraday_middleware (~> 0.10.0)
      faye-websocket (~> 0.10.6)
      multi_json (~> 1.0, >= 1.0.3)
    slop (3.6.0)
    tzinfo (2.0.5)
      concurrent-ruby (~> 1.0)
    websocket (1.2.9)
    websocket-client-simple (0.6.0)
      event_emitter
      websocket
    websocket-driver (0.7.2)
      websocket-extensions (>= 0.1.0)
    websocket-extensions (0.1.5)
    zeitwerk (2.6.0)

PLATFORMS
  ruby

DEPENDENCIES
  increments-schedule (~> 0.18.0)
  qiita
  rake (< 13.0.0)
  ruboty-alias (= 0.0.8)
  ruboty-bundler
  ruboty-cron (~> 1.1.0)
  ruboty-echo
  ruboty-irasutoya!
  ruboty-openai_chat (~> 0.3)
  ruboty-qiita-github
  ruboty-rating
  ruboty-redis
  ruboty-replace
  ruboty-response!
  ruboty-ruby (>= 0.0.2)
  ruboty-ruby_persistence (= 0.2.0)
  ruboty-scorekeeper
  ruboty-slack_rtm
  ruboty-sushiyuki

RUBY VERSION
   ruby 2.7.6p219

BUNDLED WITH
   2.3.8
