GIT
  remote: https://github.com/atm-snag2/ruboty-slack_rtm.git
  revision: 821035500115acc02a52711d7c386fdbc447488e
  branch: use-slack-ruby-client
  specs:
    ruboty-slack_rtm (3.2.5)
      ruboty (>= 1.1.4)
      slack-ruby-client (~> 2.0)
      websocket-client-simple (>= 0.5.0)

GIT
  remote: https://github.com/increments/ruboty-response.git
  revision: 2255896972ddc9e1e549333b74e9a5724a7decdf
  specs:
    ruboty-response (1.1.1)
      ruboty

GIT
  remote: https://github.com/june29/ruboty-irasutoya.git
  revision: 1f38273cc7d8f3315ef07221b1f761bbc1393575
  specs:
    ruboty-irasutoya (1.0.2)
      ruboty

GEM
  remote: https://rubygems.org/
  specs:
    activesupport (7.1.3.2)
      base64
      bigdecimal
      concurrent-ruby (~> 1.0, >= 1.0.2)
      connection_pool (>= 2.2.5)
      drb
      i18n (>= 1.6, < 2)
      minitest (>= 5.1)
      mutex_m
      tzinfo (~> 2.0)
    addressable (2.8.6)
      public_suffix (>= 2.0.2, < 6.0)
    base64 (0.2.0)
    bigdecimal (3.1.7)
    chrono (0.6.0)
      activesupport (>= 5.2)
    concurrent-ruby (1.2.3)
    connection_pool (2.4.1)
    dotenv (3.1.0)
    drb (2.2.1)
    elo_rating (1.0.0)
    event_emitter (0.2.6)
    faraday (2.8.1)
      base64
      faraday-net_http (>= 2.0, < 3.1)
      ruby2_keywords (>= 0.0.4)
    faraday-mashify (0.1.1)
      faraday (~> 2.0)
      hashie
    faraday-multipart (1.0.4)
      multipart-post (~> 2)
    faraday-net_http (3.0.2)
    gli (2.21.1)
    hashie (5.0.0)
    holiday_japan (1.4.4)
    httparty (0.21.0)
      mini_mime (>= 1.0.0)
      multi_xml (>= 0.5.2)
    i18n (1.14.4)
      concurrent-ruby (~> 1.0)
    increments-schedule (0.18.0)
      holiday_japan (~> 1.1)
    mem (0.1.5)
    mini_mime (1.1.5)
    minitest (5.22.3)
    multi_xml (0.6.0)
    multipart-post (2.4.0)
    mutex_m (0.2.0)
    octokit (8.1.0)
      base64
      faraday (>= 1, < 3)
      sawyer (~> 0.9)
    public_suffix (5.0.4)
    qiita (1.5.0)
      activesupport
      faraday (>= 2, < 3)
      rack
      rainbow
      rouge
      slop (< 4.0.0)
    rack (3.0.9.1)
    rainbow (3.1.1)
    rake (12.3.3)
    redis (4.0.1)
    redis-namespace (1.6.0)
      redis (>= 3.0.4)
    rouge (4.2.0)
    ruboty (1.3.1)
      activesupport
      bundler
      dotenv
      mem
      slop
    ruboty-alias (0.0.8)
      ruboty (>= 1.1.1)
    ruboty-bundler (0.1.3)
      ruboty (>= 1.2.1)
      ruboty-github
    ruboty-cron (1.1.0)
      activesupport
      chrono
      ruboty (>= 0.2.0)
    ruboty-echo (0.1.1)
      ruboty
    ruboty-github (0.3.0)
      activesupport
      octokit
      ruboty
    ruboty-openai_chat (0.4.0)
      ruboty
      ruby-openai (~> 3.5)
    ruboty-qiita-github (0.3.4)
      activesupport
      octokit
      ruboty
    ruboty-rating (0.1.1)
      elo_rating (~> 1.0)
    ruboty-redis (0.0.6)
      redis
      redis-namespace
      ruboty
    ruboty-replace (0.0.1)
      ruboty
    ruboty-ruby (0.0.2)
      ruboty
    ruboty-ruby_persistence (0.2.0)
      ruboty (~> 1.0)
    ruboty-scorekeeper (0.0.3)
      ruboty
    ruboty-sushiyuki (0.0.2)
    ruby-openai (3.5.0)
      httparty (>= 0.18.1)
    ruby2_keywords (0.0.5)
    sawyer (0.9.2)
      addressable (>= 2.3.5)
      faraday (>= 0.17.3, < 3)
    slack-ruby-client (2.3.0)
      faraday (>= 2.0)
      faraday-mashify
      faraday-multipart
      gli
      hashie
    slop (3.6.0)
    tzinfo (2.0.6)
      concurrent-ruby (~> 1.0)
    websocket (1.2.10)
    websocket-client-simple (0.8.0)
      event_emitter
      websocket

PLATFORMS
  ruby

DEPENDENCIES
  increments-schedule (~> 0.18.0)
  qiita
  rake (< 13.0.0)
  ruboty-alias (= 0.0.8)
  ruboty-bundler
  ruboty-cron (~> 1.1.0)
  ruboty-echo
  ruboty-irasutoya!
  ruboty-openai_chat (~> 0.3)
  ruboty-qiita-github
  ruboty-rating
  ruboty-redis
  ruboty-replace
  ruboty-response!
  ruboty-ruby (>= 0.0.2)
  ruboty-ruby_persistence (= 0.2.0)
  ruboty-scorekeeper
  ruboty-slack_rtm!
  ruboty-sushiyuki

RUBY VERSION
   ruby 3.1.4p223

BUNDLED WITH
   2.3.8
