GIT
  remote: https://github.com/Umekawa/ruboty-redis.git
  revision: 103d8554adb74e3b6ab891c34706b4a003024044
  branch: master
  specs:
    ruboty-redis (0.0.6)
      redis
      redis-namespace
      ruboty

GIT
  remote: https://github.com/increments/ruboty-response.git
  revision: 2255896972ddc9e1e549333b74e9a5724a7decdf
  specs:
    ruboty-response (1.1.1)
      ruboty

GEM
  remote: https://rubygems.org/
  specs:
    activesupport (7.1.3.4)
      base64
      bigdecimal
      concurrent-ruby (~> 1.0, >= 1.0.2)
      connection_pool (>= 2.2.5)
      drb
      i18n (>= 1.6, < 2)
      minitest (>= 5.1)
      mutex_m
      tzinfo (~> 2.0)
    addressable (2.8.6)
      public_suffix (>= 2.0.2, < 6.0)
    async (2.23.1)
      console (~> 1.29)
      fiber-annotation
      io-event (~> 1.9)
      metrics (~> 0.12)
      traces (~> 0.15)
    async-http (0.88.0)
      async (>= 2.10.2)
      async-pool (~> 0.9)
      io-endpoint (~> 0.14)
      io-stream (~> 0.6)
      metrics (~> 0.12)
      protocol-http (~> 0.49)
      protocol-http1 (~> 0.30)
      protocol-http2 (~> 0.22)
      traces (~> 0.10)
    async-pool (0.10.3)
      async (>= 1.25)
    async-websocket (0.30.0)
      async-http (~> 0.76)
      protocol-http (~> 0.34)
      protocol-rack (~> 0.7)
      protocol-websocket (~> 0.17)
    base64 (0.2.0)
    bigdecimal (3.1.8)
    chrono (0.6.0)
      activesupport (>= 5.2)
    concurrent-ruby (1.3.1)
    connection_pool (2.4.1)
    console (1.30.2)
      fiber-annotation
      fiber-local (~> 1.1)
      json
    csv (3.3.3)
    dotenv (3.1.2)
    drb (2.2.1)
    faraday (2.12.2)
      faraday-net_http (>= 2.0, < 3.5)
      json
      logger
    faraday-mashify (1.0.0)
      faraday (~> 2.0)
      hashie
    faraday-multipart (1.1.0)
      multipart-post (~> 2.0)
    faraday-net_http (3.4.0)
      net-http (>= 0.5.0)
    faraday-retry (2.3.1)
      faraday (~> 2.0)
    fiber-annotation (0.2.0)
    fiber-local (1.1.0)
      fiber-storage
    fiber-storage (1.0.0)
    fiddle (1.1.6)
    gli (2.22.2)
      ostruct
    hashie (5.0.0)
    holiday_japan (1.4.4)
    httparty (0.21.0)
      mini_mime (>= 1.0.0)
      multi_xml (>= 0.5.2)
    i18n (1.14.5)
      concurrent-ruby (~> 1.0)
    increments-schedule (0.18.0)
      holiday_japan (~> 1.1)
    io-console (0.8.0)
    io-endpoint (0.15.2)
    io-event (1.10.0)
    io-stream (0.6.1)
    json (2.10.2)
    logger (1.7.0)
    mem (0.1.5)
    metrics (0.12.2)
    mini_mime (1.1.5)
    minitest (5.23.1)
    multi_xml (0.6.0)
    multipart-post (2.4.1)
    mutex_m (0.2.0)
    net-http (0.6.0)
      uri
    octokit (8.1.0)
      base64
      faraday (>= 1, < 3)
      sawyer (~> 0.9)
    ostruct (0.6.1)
    protocol-hpack (1.5.1)
    protocol-http (0.49.0)
    protocol-http1 (0.34.0)
      protocol-http (~> 0.22)
    protocol-http2 (0.22.1)
      protocol-hpack (~> 1.4)
      protocol-http (~> 0.47)
    protocol-rack (0.11.2)
      protocol-http (~> 0.43)
      rack (>= 1.0)
    protocol-websocket (0.20.1)
      protocol-http (~> 0.2)
    public_suffix (5.0.4)
    qiita (1.5.0)
      activesupport
      faraday (>= 2, < 3)
      rack
      rainbow
      rouge
      slop (< 4.0.0)
    rack (3.0.14)
    rainbow (3.1.1)
    rake (13.2.1)
    redis (5.3.0)
      redis-client (>= 0.22.0)
    redis-client (0.22.2)
      connection_pool
    redis-namespace (1.11.0)
      redis (>= 4)
    reline (0.6.0)
      io-console (~> 0.5)
    rouge (4.2.0)
    ruboty (1.3.1)
      activesupport
      bundler
      dotenv
      mem
      slop
    ruboty-alias (0.0.8)
      ruboty (>= 1.1.1)
    ruboty-bundler (0.1.3)
      ruboty (>= 1.2.1)
      ruboty-github
    ruboty-cron (1.1.0)
      activesupport
      chrono
      ruboty (>= 0.2.0)
    ruboty-echo (0.1.1)
      ruboty
    ruboty-github (0.3.0)
      activesupport
      octokit
      ruboty
    ruboty-openai_chat (0.4.0)
      ruboty
      ruby-openai (~> 3.5)
    ruboty-qiita-github (0.3.4)
      activesupport
      octokit
      ruboty
    ruboty-ruby (0.0.2)
      ruboty
    ruboty-ruby_persistence (0.2.0)
      ruboty (~> 1.0)
    ruboty-scorekeeper (1.0.0)
      ruboty
    ruboty-slack_events (0.3.0)
      async-websocket (~> 0.25)
      ruboty (>= 1.1.4)
      slack-ruby-client (~> 2.5)
    ruby-openai (3.5.0)
      httparty (>= 0.18.1)
    sawyer (0.9.2)
      addressable (>= 2.3.5)
      faraday (>= 0.17.3, < 3)
    slack-ruby-client (2.5.2)
      faraday (>= 2.0)
      faraday-mashify
      faraday-multipart
      gli
      hashie
      logger
    slop (3.6.0)
    traces (0.15.2)
    tzinfo (2.0.6)
      concurrent-ruby (~> 1.0)
    uri (1.0.3)

PLATFORMS
  ruby

DEPENDENCIES
  csv
  faraday-retry
  fiddle
  increments-schedule (~> 0.18.0)
  logger
  ostruct
  qiita
  rake (< 14.0.0)
  reline
  ruboty-alias (= 0.0.8)
  ruboty-bundler
  ruboty-cron (~> 1.1.0)
  ruboty-echo
  ruboty-openai_chat (~> 0.3)
  ruboty-qiita-github
  ruboty-redis!
  ruboty-response!
  ruboty-ruby (>= 0.0.2)
  ruboty-ruby_persistence (= 0.2.0)
  ruboty-scorekeeper
  ruboty-slack_events

RUBY VERSION
   ruby 3.4.1p100

BUNDLED WITH
   2.6.2
